GIT
  remote: git://github.com/jzw/spree_recently_viewed.git
  revision: 0c132204753f0fcf0d88e197522c400c8bd7dc4c
  specs:
    spree_recently_viewed (1.0.0)
      spree_core (>= 0.40.0)

GIT
  remote: git://github.com/romul/spree_editor.git
  revision: 757c8033fe914bba25fee43964d066c25dedbd57
  specs:
    spree_editor (0.40.0)
      spree_core (>= 0.40.0)

GIT
  remote: git://github.com/spree/spree.git
  revision: 317b398747bf7493af6b9dd1374cc8b6fc36ae25
  branch: 0-50-stable
  specs:
    spree (0.50.99)
      spree_api (= 0.50.99)
      spree_auth (= 0.50.99)
      spree_core (= 0.50.99)
      spree_dash (= 0.50.99)
      spree_promo (= 0.50.99)
      spree_sample (= 0.50.99)
    spree_api (0.50.99)
      spree_core (= 0.50.99)
    spree_auth (0.50.99)
      cancan (= 1.5.1)
      devise (= 1.2.rc2)
      spree_core (= 0.50.99)
    spree_core (0.50.99)
      activemerchant (= 1.12.0)
      acts_as_list (= 0.1.2)
      faker (= 0.9.5)
      highline (= 1.5.1)
      jquery-rails (= 0.2.6)
      meta_search (= 1.0.1)
      nested_set (= 1.6.4)
      paperclip (= 2.3.8)
      rails (= 3.0.6)
      rd_resource_controller
      rd_unobtrusive_date_picker (= 0.1.0)
      state_machine (= 0.9.4)
      stringex (= 1.0.3)
      will_paginate (= 3.0.pre2)
    spree_dash (0.50.99)
      spree_core (= 0.50.99)
    spree_promo (0.50.99)
      spree_core (= 0.50.99)
    spree_sample (0.50.99)
      spree_core (= 0.50.99)

GIT
  remote: git://github.com/spree/spree_related_products.git
  revision: 2b74f44739a18f4d646d7bfc1424d994b3ffdc71
  specs:
    spree_related_products (3.0.2)
      spree_core (>= 0.30.0)

GIT
  remote: git://github.com/spree/spree_social.git
  revision: bc3990a0c6cb48330922cae7c7b8d6b4d758d52a
  specs:
    spree_social (1.0.2)
      oa-oauth (>= 0.1.6)
      spree_auth (>= 0.40.0)
      spree_core (>= 0.40.0)

GIT
  remote: git://github.com/spree/spree_static_content.git
  revision: 45b0050b96809c8fb0f21940f9407e9012a6d420
  specs:
    spree_static_content (0.40.2)
      spree_core (>= 0.30.0)
      spree_editor

GEM
  remote: http://rubygems.org/
  specs:
    abstract (1.0.0)
    actionmailer (3.0.6)
      actionpack (= 3.0.6)
      mail (~> 2.2.15)
    actionpack (3.0.6)
      activemodel (= 3.0.6)
      activesupport (= 3.0.6)
      builder (~> 2.1.2)
      erubis (~> 2.6.6)
      i18n (~> 0.5.0)
      rack (~> 1.2.1)
      rack-mount (~> 0.6.14)
      rack-test (~> 0.5.7)
      tzinfo (~> 0.3.23)
    activemerchant (1.12.0)
      activesupport (>= 2.3.8)
      braintree (>= 2.0.0)
      builder (>= 2.0.0)
    activemodel (3.0.6)
      activesupport (= 3.0.6)
      builder (~> 2.1.2)
      i18n (~> 0.5.0)
    activerecord (3.0.6)
      activemodel (= 3.0.6)
      activesupport (= 3.0.6)
      arel (~> 2.0.2)
      tzinfo (~> 0.3.23)
    activeresource (3.0.6)
      activemodel (= 3.0.6)
      activesupport (= 3.0.6)
    activesupport (3.0.6)
    acts_as_list (0.1.2)
    addressable (2.2.5)
    arel (2.0.9)
    bcrypt-ruby (2.1.4)
    braintree (2.9.1)
      builder
    builder (2.1.2)
    cancan (1.5.1)
    devise (1.2.rc2)
      bcrypt-ruby (~> 2.1.2)
      orm_adapter (~> 0.0.3)
      warden (~> 1.0.3)
    erubis (2.6.6)
      abstract (>= 1.0.0)
    faker (0.9.5)
      i18n (~> 0.4)
    faraday (0.6.1)
      addressable (~> 2.2.4)
      multipart-post (~> 1.1.0)
      rack (>= 1.1.0, < 2)
    highline (1.5.1)
    honeypot-captcha (0.0.2)
    i18n (0.5.0)
    jquery-rails (0.2.6)
      rails (~> 3.0)
      thor (~> 0.14.4)
    mail (2.2.15)
      activesupport (>= 2.3.6)
      i18n (>= 0.4.0)
      mime-types (~> 1.16)
      treetop (~> 1.4.8)
    meta_search (1.0.1)
      actionpack (~> 3.0.2)
      activerecord (~> 3.0.2)
      activesupport (~> 3.0.2)
      arel (~> 2.0.2)
    mime-types (1.16)
    multi_json (0.0.5)
    multipart-post (1.1.0)
    mysql2 (0.2.7)
    nested_set (1.6.4)
      activerecord (>= 3.0.0)
      railties (>= 3.0.0)
    nokogiri (1.4.4)
    oa-core (0.2.2)
      rack (~> 1.1)
    oa-oauth (0.2.2)
      faraday (~> 0.6.1)
      multi_json (~> 0.0.2)
      nokogiri (~> 1.4.2)
      oa-core (= 0.2.2)
      oauth (~> 0.4.0)
      oauth2 (~> 0.3.0)
    oauth (0.4.4)
    oauth2 (0.3.0)
      faraday (~> 0.6.0)
      multi_json (~> 0.0.4)
    orm_adapter (0.0.4)
    paperclip (2.3.8)
      activerecord
      activesupport
    polyglot (0.3.1)
    rack (1.2.2)
    rack-mount (0.6.14)
      rack (>= 1.0.0)
    rack-test (0.5.7)
      rack (>= 1.0)
    rails (3.0.6)
      actionmailer (= 3.0.6)
      actionpack (= 3.0.6)
      activerecord (= 3.0.6)
      activeresource (= 3.0.6)
      activesupport (= 3.0.6)
      bundler (~> 1.0)
      railties (= 3.0.6)
    railties (3.0.6)
      actionpack (= 3.0.6)
      activesupport (= 3.0.6)
      rake (>= 0.8.7)
      thor (~> 0.14.4)
    rake (0.8.7)
    rd_resource_controller (1.0.1)
    rd_unobtrusive_date_picker (0.1.0)
    recaptcha (0.3.1)
    spree_easy_contact (1.0.4)
      honeypot-captcha
      spree_core (>= 0.40.0)
    spree_email_to_friend (1.0.0)
      recaptcha (>= 0.3.1)
      spree_auth (>= 0.30.1)
      spree_core (>= 0.30.1)
    state_machine (0.9.4)
    stringex (1.0.3)
    thor (0.14.6)
    treetop (1.4.9)
      polyglot (>= 0.3.1)
    tzinfo (0.3.26)
    warden (1.0.3)
      rack (>= 1.0.0)
    will_paginate (3.0.pre2)

PLATFORMS
  ruby

DEPENDENCIES
  mysql2
  rails (= 3.0.6)
  spree!
  spree_easy_contact
  spree_editor!
  spree_email_to_friend
  spree_recently_viewed!
  spree_related_products!
  spree_social!
  spree_static_content!
